GEM
  remote: https://rubygems.org/
  specs:
    commonmarker (0.23.4)
    github-markup (2.0.0)

PLATFORMS
  ruby

DEPENDENCIES
  commonmarker
  github-markup

BUNDLED WITH
   1.16.1
